PATH
  remote: .
  specs:
    cloud_powers (0.2.7.15)
      activesupport-core-ext (~> 4)
      aws-sdk (~> 2)
      dotenv (~> 2.1)
      httparty (~> 0.14)
      rubyzip (~> 1.2)
      websocket-eventmachine-client
      websocket-eventmachine-server
      zip-zip (~> 0.3)

GEM
  remote: https://rubygems.org/
  specs:
    activesupport-core-ext (4.0.0.3)
    aws-sdk (2.6.9)
      aws-sdk-resources (= 2.6.9)
    aws-sdk-core (2.6.9)
      jmespath (~> 1.0)
    aws-sdk-resources (2.6.9)
      aws-sdk-core (= 2.6.9)
    byebug (9.0.6)
    diff-lcs (1.2.5)
    dotenv (2.1.1)
    eventmachine (1.2.0.1)
    httparty (0.14.0)
      multi_xml (>= 0.5.2)
    jmespath (1.3.1)
    multi_xml (0.5.5)
    rake (10.5.0)
    rspec (3.5.0)
      rspec-core (~> 3.5.0)
      rspec-expectations (~> 3.5.0)
      rspec-mocks (~> 3.5.0)
    rspec-core (3.5.4)
      rspec-support (~> 3.5.0)
    rspec-expectations (3.5.0)
      diff-lcs (>= 1.2.0, < 2.0)
      rspec-support (~> 3.5.0)
    rspec-mocks (3.5.0)
      diff-lcs (>= 1.2.0, < 2.0)
      rspec-support (~> 3.5.0)
    rspec-support (3.5.0)
    rubyzip (1.2.0)
    websocket (1.2.3)
    websocket-eventmachine-base (1.2.0)
      eventmachine (~> 1.0)
      websocket (~> 1.0)
      websocket-native (~> 1.0)
    websocket-eventmachine-client (1.2.0)
      websocket-eventmachine-base (~> 1.0)
    websocket-eventmachine-server (1.0.1)
      websocket-eventmachine-base (~> 1.0)
    websocket-native (1.0.0)
    zip-zip (0.3)
      rubyzip (>= 1.0.0)

PLATFORMS
  ruby

DEPENDENCIES
  bundler (~> 1.12)
  byebug (~> 9)
  cloud_powers!
  rake (~> 10.0)
  rspec (~> 3.0)

BUNDLED WITH
   1.13.2
